PATH
  remote: .
  specs:
    simple_upnp (0.0.1)

GEM
  remote: https://rubygems.org/
  specs:
    nori (1.1.3)

PLATFORMS
  ruby

DEPENDENCIES
  nori (~> 1.1.3)
  simple_upnp!
