PATH
  remote: .
  specs:
    simple_upnp (0.0.1)
      nori (~> 1.1.3)

GEM
  remote: https://rubygems.org/
  specs:
    nori (1.1.3)

PLATFORMS
  ruby

DEPENDENCIES
  simple_upnp!
