PATH
  remote: .
  specs:
    simple_upnp (0.0.2)
      nori (~> 2.0.0)

GEM
  remote: https://rubygems.org/
  specs:
    nori (2.0.0)

PLATFORMS
  ruby

DEPENDENCIES
  simple_upnp!
